GEM
  specs:
    activemodel (3.2.19)
      activesupport (= 3.2.19)
      builder (~> 3.0.0)
    activesupport (3.2.19)
      i18n (~> 0.6, >= 0.6.4)
      multi_json (~> 1.0)
    bson (1.10.2)
    bson_ext (1.10.2)
      bson (~> 1.10.2)
    builder (3.0.4)
    celluloid (0.15.2)
      timers (~> 1.1.0)
    coderay (1.1.0)
    connection_pool (2.0.0)
    i18n (0.6.11)
    json (1.8.1)
    method_source (0.8.2)
    mini_portile (0.6.0)
    mongo (1.10.2)
      bson (= 1.10.2)
    mongo_mapper (0.12.0)
      activemodel (~> 3.0)
      activesupport (~> 3.0)
      plucky (~> 0.5.2)
    multi_json (1.10.1)
    netrc (0.7.7)
    nokogiri (1.6.2.1)
      mini_portile (= 0.6.0)
    plucky (0.5.2)
      mongo (~> 1.5)
    pry (0.10.0)
      coderay (~> 1.1.0)
      method_source (~> 0.8.1)
      slop (~> 3.4)
    rack (1.5.2)
    rack-protection (1.5.3)
      rack
    rake (0.9.2)
    redis (3.1.0)
    redis-namespace (1.5.0)
      redis (~> 3.0, >= 3.0.4)
    rest_client (1.7.3)
      netrc (~> 0.7.7)
    sidekiq (3.2.1)
      celluloid (>= 0.15.2)
      connection_pool (>= 2.0.0)
      json
      redis (>= 3.0.6)
      redis-namespace (>= 1.3.1)
    sinatra (1.4.5)
      rack (~> 1.4)
      rack-protection (~> 1.4)
      tilt (~> 1.3, >= 1.3.4)
    slop (3.6.0)
    tilt (1.4.1)
    timers (1.1.0)

PLATFORMS
  ruby

DEPENDENCIES
  bson_ext
  mongo_mapper (= 0.12.0)
  nokogiri
  pry
  rake (= 0.9.2)
  redis
  rest_client
  sidekiq
  sinatra
